GEM
  remote: https://rubygems.org/
  specs:
    io-console (0.7.2)
    irb (1.14.1)
      rdoc (>= 4.0.0)
      reline (>= 0.4.2)
    language_server-protocol (3.17.0.3)
    logger (1.6.1)
    minitest (5.25.2)
    prism (1.2.0)
    psych (5.2.0)
      stringio
    rake (13.2.1)
    rbs (3.6.1)
      logger
    rdoc (6.8.1)
      psych (>= 4.0.0)
    reline (0.5.12)
      io-console (~> 0.5)
    ruby-lsp (0.22.1)
      language_server-protocol (~> 3.17.0)
      prism (>= 1.2, < 2.0)
      rbs (>= 3, < 4)
      sorbet-runtime (>= 0.5.10782)
    sorbet-runtime (0.5.11670)
    stringio (3.1.2)
    zeitwerk (2.7.1)

PLATFORMS
  ruby
  x86_64-darwin-22

DEPENDENCIES
  irb
  minitest
  rake
  ruby-lsp
  zeitwerk

BUNDLED WITH
   2.5.14
